GEM
  remote: https://rubygems.org/
  specs:
    docker-api (1.22.4)
      excon (>= 0.38.0)
      json
    excon (0.71.1)
    json (1.8.3)
    slack-notifier (1.3.0)

PLATFORMS
  ruby

DEPENDENCIES
  docker-api
  slack-notifier

BUNDLED WITH
   1.10.6